GEM
  remote: http://rubygems.org/
  specs:
    colored (1.2)
    ruby_parser (2.3.1)
      sexp_processor (~> 3.0)
    sexp_processor (3.1.0)
    tomdoc (0.2.4)
      colored
      ruby_parser (>= 2.0.4)

PLATFORMS
  ruby

DEPENDENCIES
  tomdoc
